GEM
  remote: http://rubygems.org/
  specs:
    daemons (1.1.9)
    json (1.8.1)
    newrelic_plugin (1.3.1)
      json
    vmstat (2.0.0)

PLATFORMS
  ruby

DEPENDENCIES
  daemons
  newrelic_plugin
  vmstat
